GEM
  specs:
    midilib (2.0.4)

PLATFORMS
  ruby

DEPENDENCIES
  midilib
